

GROUP nuget_deps
STORAGE: NONE
RESTRICTION: == netstandard2.0
NUGET
  remote: https://api.nuget.org/v3/index.json
    Castle.Core (5.1.1)
      System.Diagnostics.EventLog (>= 4.7)
      System.Reflection.Emit (>= 4.7)
    Microsoft.NETCore.App.Ref (6.0.8)
    Microsoft.NETCore.App.Runtime.linux-x64 (6.0.8)
    Microsoft.NETCore.App.Runtime.osx-x64 (6.0.8)
    Microsoft.NETCore.App.Runtime.win-x64 (6.0.8)
    Moq (4.18.4)
      Castle.Core (>= 5.1.1)
      System.Threading.Tasks.Extensions (>= 4.5.4)
    NDesk.Options (0.2.1)
    NETStandard.Library.Ref (2.1)
    Newtonsoft.Json (13.0.3)
    System.Diagnostics.EventLog (7.0)
      System.Security.Principal.Windows (>= 5.0)
    System.Reflection.Emit (4.7)
      System.Reflection.Emit.ILGeneration (>= 4.7)
    System.Reflection.Emit.ILGeneration (4.7)
    System.Runtime.CompilerServices.Unsafe (6.0)
    System.Security.Principal.Windows (5.0)
    System.Threading.Tasks.Extensions (4.5.4)
      System.Runtime.CompilerServices.Unsafe (>= 4.5.3)
