

GROUP nuget_deps
STORAGE: NONE
RESTRICTION: || (== net6.0) (== netstandard2.1)
NUGET
  remote: https://api.nuget.org/v3/index.json
    Castle.Core (5.1.1)
      System.Diagnostics.EventLog (>= 4.7) - restriction: || (&& (== net6.0) (< netstandard2.1)) (== netstandard2.1)
      System.Diagnostics.EventLog (>= 6.0) - restriction: || (== net6.0) (&& (== netstandard2.1) (>= net6.0))
    Microsoft.NETCore.App.Ref (6.0.5)
    Moq (4.18.4)
      Castle.Core (>= 5.1.1)
    NDesk.Options (0.2.1)
    NETStandard.Library.Ref (2.1)
    Newtonsoft.Json (13.0.3)
    System.Diagnostics.EventLog (7.0)
      System.Security.Principal.Windows (>= 5.0) - restriction: || (&& (== net6.0) (>= net462)) (== netstandard2.1)
    System.Security.Principal.Windows (5.0) - restriction: || (&& (== net6.0) (>= net462)) (== netstandard2.1)
